PATH
  remote: .
  specs:
    gherkin (2.4.11)
      json (>= 1.4.6)

GEM
  remote: http://rubygems.org/
  specs:
    builder (3.0.0)
    cucumber (1.0.2)
      builder (>= 2.1.2)
      diff-lcs (>= 1.1.2)
      gherkin (~> 2.4.5)
      json (>= 1.4.6)
      term-ansicolor (>= 1.0.5)
    diff-lcs (1.1.2)
    json (1.5.3)
    json (1.5.3-java)
    rake (0.9.2)
    rake-compiler (0.7.9)
      rake
    rdiscount (1.6.8)
    rspec (2.6.0)
      rspec-core (~> 2.6.0)
      rspec-expectations (~> 2.6.0)
      rspec-mocks (~> 2.6.0)
    rspec-core (2.6.4)
    rspec-expectations (2.6.0)
      diff-lcs (~> 1.1.2)
    rspec-mocks (2.6.0)
    term-ansicolor (1.0.6)
    yard (0.7.2)

PLATFORMS
  java
  ruby

DEPENDENCIES
  builder (>= 2.1.2)
  bundler (>= 1.0.18)
  cucumber (>= 1.0.2)
  gherkin!
  rake (>= 0.9.2)
  rake-compiler (>= 0.7.9)
  rdiscount (>= 1.6.8)
  rspec (>= 2.6.0)
  term-ansicolor (>= 1.0.6)
  yard (>= 0.7.2)
