GIT
  remote: git://github.com/GlobalNamesArchitecture/dwc-archive.git
  revision: 186c916bc96591fc184f8c5649d8ba256d4b9757
  branch: master
  specs:
    dwc-archive (0.4.11)

GIT
  remote: git://github.com/thoughtbot/ancestry.git
  revision: 46ae364d5739b07bfe290aa01f9dd83c1407cb1c
  branch: rails3
  specs:
    ancestry (1.2.1.beta.1)
      activerecord (>= 2.1.0)

GIT
  remote: git://github.com/thoughtbot/shoulda.git
  revision: acb71a69827d4f04555069da0784bc0e79e2d777
  specs:
    shoulda (2.11.3)

GEM
  remote: http://rubygems.org/
  specs:
    SystemTimer (1.2)
    abstract (1.0.0)
    actionmailer (3.0.0)
      actionpack (= 3.0.0)
      mail (~> 2.2.5)
    actionpack (3.0.0)
      activemodel (= 3.0.0)
      activesupport (= 3.0.0)
      builder (~> 2.1.2)
      erubis (~> 2.6.6)
      i18n (~> 0.4.1)
      rack (~> 1.2.1)
      rack-mount (~> 0.6.12)
      rack-test (~> 0.5.4)
      tzinfo (~> 0.3.23)
    activemodel (3.0.0)
      activesupport (= 3.0.0)
      builder (~> 2.1.2)
      i18n (~> 0.4.1)
    activerecord (3.0.0)
      activemodel (= 3.0.0)
      activesupport (= 3.0.0)
      arel (~> 1.0.0)
      tzinfo (~> 0.3.23)
    activeresource (3.0.0)
      activemodel (= 3.0.0)
      activesupport (= 3.0.0)
    activesupport (3.0.0)
    arel (1.0.1)
      activesupport (~> 3.0.0)
    biodiversity (0.7.1)
      json
      treetop
    bourne (1.0)
      mocha (= 0.9.8)
    builder (2.1.2)
    capybara (0.3.9)
      culerity (>= 0.2.4)
      mime-types (>= 1.16)
      nokogiri (>= 1.3.3)
      rack (>= 1.0.0)
      rack-test (>= 0.5.4)
      selenium-webdriver (>= 0.0.3)
    clearance (0.9.0.rc9)
      rails (~> 3.0.0)
    columnize (0.3.1)
    configuration (1.1.0)
    crack (0.1.8)
    cucumber (0.9.0)
      builder (~> 2.1.2)
      diff-lcs (~> 1.1.2)
      gherkin (~> 2.2.2)
      json (~> 1.4.6)
      term-ansicolor (~> 1.0.5)
    cucumber-rails (0.3.2)
      cucumber (>= 0.8.0)
    culerity (0.2.12)
    daemons (1.1.0)
    database_cleaner (0.5.2)
    delayed_job (2.1.0.pre2)
      activesupport (~> 3.0)
      daemons
    diff-lcs (1.1.2)
    engineyard (1.3.1)
      engineyard-serverside-adapter (= 1.3.3)
      escape (~> 0.0.4)
      highline (~> 1.5.2)
      json_pure
      rest-client (~> 1.4)
      ruby-termios
      thor (~> 0.14.0)
    engineyard-serverside-adapter (1.3.3)
      escape (~> 0.0.4)
      json_pure (~> 1.4.6)
    erubis (2.6.6)
      abstract (>= 1.0.0)
    escape (0.0.4)
    factory_girl (1.3.2)
    fastercsv (1.5.3)
    ffi (0.6.3)
      rake (>= 0.8.7)
    formtastic (1.1.0)
      actionpack (>= 2.3.0)
      activesupport (>= 2.3.0)
      i18n (>= 0.4.0)
    gherkin (2.2.4)
      json (~> 1.4.6)
      term-ansicolor (~> 1.0.5)
      trollop (~> 1.16.2)
    high_voltage (0.9.1)
    highline (1.5.2)
    hoptoad_notifier (2.3.7)
      activesupport
    i18n (0.4.1)
    json (1.4.6)
    json_pure (1.4.6)
    launchy (0.3.7)
      configuration (>= 0.0.5)
      rake (>= 0.8.1)
    linecache (0.43)
    macaddr (1.0.0)
    mail (2.2.6.1)
      activesupport (>= 2.3.6)
      mime-types
      treetop (>= 1.4.5)
    mime-types (1.16)
    mocha (0.9.8)
      rake
    mysql (2.8.1)
    nokogiri (1.4.3.1)
    parsley-store (0.1.4)
      SystemTimer
      biodiversity
      redis
    polyglot (0.3.1)
    rack (1.2.1)
    rack-mount (0.6.13)
      rack (>= 1.0.0)
    rack-test (0.5.5)
      rack (>= 1.0)
    rails (3.0.0)
      actionmailer (= 3.0.0)
      actionpack (= 3.0.0)
      activerecord (= 3.0.0)
      activeresource (= 3.0.0)
      activesupport (= 3.0.0)
      bundler (~> 1.0.0)
      railties (= 3.0.0)
    railties (3.0.0)
      actionpack (= 3.0.0)
      activesupport (= 3.0.0)
      rake (>= 0.8.4)
      thor (~> 0.14.0)
    rake (0.8.7)
    redis (2.0.10)
    rest-client (1.6.1)
      mime-types (>= 1.16)
    rspec (2.0.0.beta.22)
      rspec-core (= 2.0.0.beta.22)
      rspec-expectations (= 2.0.0.beta.22)
      rspec-mocks (= 2.0.0.beta.22)
    rspec-core (2.0.0.beta.22)
    rspec-expectations (2.0.0.beta.22)
      diff-lcs (>= 1.1.2)
    rspec-mocks (2.0.0.beta.22)
      rspec-core (= 2.0.0.beta.22)
      rspec-expectations (= 2.0.0.beta.22)
    rspec-rails (2.0.0.beta.22)
      rspec (= 2.0.0.beta.22)
    ruby-debug (0.10.3)
      columnize (>= 0.1)
      ruby-debug-base (~> 0.10.3.0)
    ruby-debug-base (0.10.3)
      linecache (>= 0.3)
    ruby-termios (0.9.6)
    rubyzip (0.9.4)
    selenium-webdriver (0.0.28)
      ffi (>= 0.6.1)
      json_pure
      rubyzip
    sham_rack (1.3.2)
    sinatra (1.0)
      rack (>= 1.0)
    spork (0.8.4)
    term-ansicolor (1.0.5)
    thor (0.14.1)
    timecop (0.3.5)
    treetop (1.4.8)
      polyglot (>= 0.3.1)
    trollop (1.16.2)
    tzinfo (0.3.23)
    unicorn (1.1.3)
      rack
    uuid (2.3.1)
      macaddr (~> 1.0)
    yajl-ruby (0.7.8)

PLATFORMS
  ruby

DEPENDENCIES
  SystemTimer
  ancestry (= 1.2.1.beta.1)!
  bourne
  capybara
  clearance (= 0.9.0.rc9)
  crack
  cucumber
  cucumber-rails
  database_cleaner
  delayed_job (= 2.1.0.pre2)
  dwc-archive (= 0.4.11)!
  engineyard
  factory_girl
  fastercsv
  formtastic (= 1.1.0)
  high_voltage
  hoptoad_notifier (= 2.3.7)
  launchy
  mocha
  mysql
  parsley-store
  polyglot
  rails (= 3.0.0)
  rspec-rails (= 2.0.0.beta.22)
  ruby-debug
  sham_rack
  shoulda!
  sinatra
  spork
  timecop
  unicorn
  uuid
  yajl-ruby
