dependencies: 
  spork: 
    group: 
    - :test
    version: ">= 0"
  ruby-debug: 
    group: 
    - :default
    version: ">= 0"
  rails: 
    group: 
    - :default
    version: = 3.0.0.beta4
  mysql: 
    group: 
    - :default
    version: ">= 0"
  polyglot: 
    group: 
    - :test
    version: ">= 0"
  sham_rack: 
    group: 
    - :test
    version: ">= 0"
  high_voltage: 
    group: 
    - :development
    version: ">= 0"
  shoulda: 
    group: 
    - :development
    version: ">= 0"
  ancestry: 
    group: 
    - :default
    version: ">= 0"
  uuid: 
    group: 
    - :default
    version: ">= 0"
  bourne: 
    group: 
    - :test
    version: ">= 0"
  unicorn: 
    group: 
    - :staging
    version: ">= 0"
  crack: 
    group: 
    - :default
    version: ">= 0"
  formtastic: 
    group: 
    - :default
    version: ">= 0"
  rspec-rails: 
    group: 
    - :test
    version: = 2.0.0.beta.19
  database_cleaner: 
    group: 
    - :test
    version: ">= 0"
  mocha: 
    group: 
    - :test
    version: ">= 0"
  cucumber-rails: 
    group: 
    - :test
    version: ">= 0"
  factory_girl: 
    group: 
    - :default
    version: ">= 0"
  sinatra: 
    group: 
    - :test
    version: ">= 0"
  engineyard: 
    group: 
    - :default
    version: ">= 0"
  clearance: 
    group: 
    - :default
    version: = 0.9.0.rc5
  hoptoad_notifier: 
    group: 
    - :default
    version: ">= 0"
  cucumber: 
    group: 
    - :test
    version: ">= 0"
  capybara: 
    group: 
    - :test
    version: ">= 0"
  launchy: 
    group: 
    - :test
    version: ">= 0"
specs: 
- rake: 
    version: 0.8.7
- abstract: 
    version: 1.0.0
- activesupport: 
    version: 3.0.0.beta4
- builder: 
    version: 2.1.2
- i18n: 
    version: 0.4.1
- activemodel: 
    version: 3.0.0.beta4
- erubis: 
    version: 2.6.6
- rack: 
    version: 1.1.0
- rack-mount: 
    version: 0.6.12
- rack-test: 
    version: 0.5.4
- tzinfo: 
    version: 0.3.23
- actionpack: 
    version: 3.0.0.beta4
- mime-types: 
    version: "1.16"
- polyglot: 
    version: 0.3.1
- treetop: 
    version: 1.4.8
- mail: 
    version: 2.2.5
- actionmailer: 
    version: 3.0.0.beta4
- arel: 
    version: 0.4.0
- activerecord: 
    version: 3.0.0.beta4
- activeresource: 
    version: 3.0.0.beta4
- ancestry: 
    version: 1.2.0
    source: 1
- mocha: 
    version: 0.9.8
- bourne: 
    version: "1.0"
- bundler: 
    version: 0.9.26
- culerity: 
    version: 0.2.12
- nokogiri: 
    version: 1.4.3.1
- ffi: 
    version: 0.6.3
- json_pure: 
    version: 1.4.6
- rubyzip: 
    version: 0.9.4
- selenium-webdriver: 
    version: 0.0.28
- capybara: 
    version: 0.3.9
- thor: 
    version: 0.13.8
- railties: 
    version: 3.0.0.beta4
- rails: 
    version: 3.0.0.beta4
- clearance: 
    version: 0.9.0.rc5
- columnize: 
    version: 0.3.1
- configuration: 
    version: 1.1.0
- crack: 
    version: 0.1.8
- diff-lcs: 
    version: 1.1.2
- trollop: 
    version: 1.16.2
- gherkin: 
    version: 2.1.5
- term-ansicolor: 
    version: 1.0.5
- cucumber: 
    version: 0.8.5
- cucumber-rails: 
    version: 0.3.2
- database_cleaner: 
    version: 0.5.2
- escape: 
    version: 0.0.4
- highline: 
    version: 1.5.2
- json: 
    version: 1.4.6
- rest-client: 
    version: 1.6.0
- termios: 
    version: 0.9.4
- engineyard: 
    version: 1.0.2
- factory_girl: 
    version: 1.3.2
- formtastic: 
    version: 1.0.1
    source: 2
- high_voltage: 
    version: 0.9.1
- hoptoad_notifier: 
    version: 2.3.5
- launchy: 
    version: 0.3.7
- linecache: 
    version: "0.43"
- macaddr: 
    version: 1.0.0
- mysql: 
    version: 2.8.1
- rspec-core: 
    version: 2.0.0.beta.19
- rspec-expectations: 
    version: 2.0.0.beta.19
- rspec-mocks: 
    version: 2.0.0.beta.19
- rspec: 
    version: 2.0.0.beta.19
- webrat: 
    version: 0.7.2.beta.1
- rspec-rails: 
    version: 2.0.0.beta.19
- ruby-debug-base: 
    version: 0.10.3
- ruby-debug: 
    version: 0.10.3
- sham_rack: 
    version: 1.3.1
- shoulda: 
    version: 2.11.3
    source: 0
- sinatra: 
    version: "1.0"
- spork: 
    version: 0.8.4
- unicorn: 
    version: 1.1.2
- uuid: 
    version: 2.3.1
hash: b63656532896b385a313c5137cbbd6a466dc6045
sources: 
- Git: 
    uri: git://github.com/thoughtbot/shoulda.git
    git: git://github.com/thoughtbot/shoulda.git
    ref: 02520e40c28c0bcd74d226f2b6a3006736c3e153
- Git: 
    uri: git://github.com/thoughtbot/ancestry.git
    branch: rails3
    git: git://github.com/thoughtbot/ancestry.git
    ref: b89f0f4df3bc24d91a8e3f106b7e9bbdf9999628
- Git: 
    uri: git://github.com/justinfrench/formtastic.git
    branch: rails3
    git: git://github.com/justinfrench/formtastic.git
    ref: 2a9099e62724bb343c16d7bb87453e00fbe188eb
- Rubygems: 
    uri: http://rubygems.org
GIT
  remote: git://github.com/jasonm/capybara-envjs-fixes.git
  revision: 5661862
  specs:
    capybara-envjs-fixes (0.0.2)
      capybara-envjs (>= 0.1.6)

GIT
  remote: git://github.com/justinfrench/formtastic.git
  revision: 2a9099e
  branch: rails3
  specs:
    formtastic (1.0.1)
      actionpack (>= 2.3.0)
      activesupport (>= 2.3.0)
      i18n (>= 0.4.0)

GIT
  remote: git://github.com/thoughtbot/ancestry.git
  revision: b89f0f4
  branch: rails3
  specs:
    ancestry (1.2.0)
      activerecord (>= 2.1.0)

GIT
  remote: git://github.com/thoughtbot/shoulda.git
  revision: 02520e4
  specs:
    shoulda (2.11.3)

GEM
  remote: http://rubygems.org/
  specs:
    abstract (1.0.0)
    actionmailer (3.0.0.beta4)
      actionpack (= 3.0.0.beta4)
      mail (~> 2.2.3)
    actionpack (3.0.0.beta4)
      activemodel (= 3.0.0.beta4)
      activesupport (= 3.0.0.beta4)
      builder (~> 2.1.2)
      erubis (~> 2.6.5)
      i18n (~> 0.4.1)
      rack (~> 1.1.0)
      rack-mount (~> 0.6.3)
      rack-test (~> 0.5.4)
      tzinfo (~> 0.3.16)
    activemodel (3.0.0.beta4)
      activesupport (= 3.0.0.beta4)
      builder (~> 2.1.2)
      i18n (~> 0.4.1)
    activerecord (3.0.0.beta4)
      activemodel (= 3.0.0.beta4)
      activesupport (= 3.0.0.beta4)
      arel (~> 0.4.0)
      tzinfo (~> 0.3.16)
    activeresource (3.0.0.beta4)
      activemodel (= 3.0.0.beta4)
      activesupport (= 3.0.0.beta4)
    activesupport (3.0.0.beta4)
    arel (0.4.0)
      activesupport (>= 3.0.0.beta)
    bourne (1.0)
      mocha (= 0.9.8)
    builder (2.1.2)
    capybara (0.3.9)
      culerity (>= 0.2.4)
      mime-types (>= 1.16)
      nokogiri (>= 1.3.3)
      rack (>= 1.0.0)
      rack-test (>= 0.5.4)
      selenium-webdriver (>= 0.0.3)
    capybara-envjs (0.1.6)
      capybara (>= 0.3.9)
      envjs (>= 0.3.7)
    clearance (0.9.0.rc5)
      rails (~> 3.0.0.beta4)
    columnize (0.3.1)
    configuration (1.1.0)
    cucumber (0.8.5)
      builder (~> 2.1.2)
      diff-lcs (~> 1.1.2)
      gherkin (~> 2.1.4)
      json_pure (~> 1.4.3)
      term-ansicolor (~> 1.0.4)
    cucumber-rails (0.3.2)
      cucumber (>= 0.8.0)
    culerity (0.2.12)
    database_cleaner (0.5.2)
    diff-lcs (1.1.2)
    engineyard (1.0.2)
      escape (~> 0.0.4)
      highline (~> 1.5.2)
      json (~> 1.4.0)
      rest-client (~> 1.4)
      termios
      thor (~> 0.13.8)
    envjs (0.3.7)
      johnson (>= 2.0.0.pre3)
    erubis (2.6.6)
      abstract (>= 1.0.0)
    escape (0.0.4)
    factory_girl (1.3.2)
    ffi (0.6.3)
      rake (>= 0.8.7)
    gherkin (2.1.5)
      trollop (~> 1.16.2)
    high_voltage (0.9.1)
    highline (1.5.2)
    hoptoad_notifier (2.3.5)
      activesupport
    i18n (0.4.1)
    johnson (2.0.0.pre3)
      stackdeck (~> 0.2)
    json (1.4.6)
    json_pure (1.4.6)
    launchy (0.3.7)
      configuration (>= 0.0.5)
      rake (>= 0.8.1)
    linecache (0.43)
    macaddr (1.0.0)
    mail (2.2.5)
      activesupport (>= 2.3.6)
      mime-types
      treetop (>= 1.4.5)
    mime-types (1.16)
    mocha (0.9.8)
      rake
    mysql (2.8.1)
    nokogiri (1.4.3.1)
    polyglot (0.3.1)
    rack (1.1.0)
    rack-mount (0.6.12)
      rack (>= 1.0.0)
    rack-test (0.5.4)
      rack (>= 1.0)
    rails (3.0.0.beta4)
      actionmailer (= 3.0.0.beta4)
      actionpack (= 3.0.0.beta4)
      activerecord (= 3.0.0.beta4)
      activeresource (= 3.0.0.beta4)
      activesupport (= 3.0.0.beta4)
      bundler (>= 0.9.26)
      railties (= 3.0.0.beta4)
    railties (3.0.0.beta4)
      actionpack (= 3.0.0.beta4)
      activesupport (= 3.0.0.beta4)
      rake (>= 0.8.3)
      thor (~> 0.13.6)
    rake (0.8.7)
    rest-client (1.6.0)
      mime-types (>= 1.16)
    rspec (2.0.0.beta.19)
      rspec-core (= 2.0.0.beta.19)
      rspec-expectations (= 2.0.0.beta.19)
      rspec-mocks (= 2.0.0.beta.19)
    rspec-core (2.0.0.beta.19)
    rspec-expectations (2.0.0.beta.19)
      diff-lcs (>= 1.1.2)
    rspec-mocks (2.0.0.beta.19)
    rspec-rails (2.0.0.beta.19)
      rspec (= 2.0.0.beta.19)
      webrat (>= 0.7.2.beta.1)
    ruby-debug (0.10.3)
      columnize (>= 0.1)
      ruby-debug-base (~> 0.10.3.0)
    ruby-debug-base (0.10.3)
      linecache (>= 0.3)
    rubyzip (0.9.4)
    selenium-webdriver (0.0.27)
      ffi (>= 0.6.1)
      json_pure
      rubyzip
    spork (0.8.4)
    stackdeck (0.2.0)
    term-ansicolor (1.0.5)
    termios (0.9.4)
    thor (0.13.8)
    treetop (1.4.8)
      polyglot (>= 0.3.1)
    trollop (1.16.2)
    tzinfo (0.3.23)
    unicorn (1.1.2)
      rack
    uuid (2.3.1)
      macaddr (~> 1.0)
    webrat (0.7.2.beta.1)
      nokogiri (>= 1.2.0)
      rack (>= 1.0)
      rack-test (>= 0.5.3)

PLATFORMS
  ruby

DEPENDENCIES
  ancestry!
  bourne
  capybara
  capybara-envjs
  capybara-envjs-fixes!
  clearance (= 0.9.0.rc5)
  cucumber
  cucumber-rails
  database_cleaner
  engineyard
  factory_girl
  formtastic!
  high_voltage
  hoptoad_notifier
  launchy
  mocha
  mysql
  polyglot
  rails (= 3.0.0.beta4)
  rspec-rails (= 2.0.0.beta.19)
  ruby-debug
  shoulda!
  spork
  unicorn
  uuid
