GEM
  remote: http://rubygems.org/
  specs:
    archive-tar-minitar (0.5.2)
    biodiversity (0.7.3)
      json
      treetop
    biodiversity19 (0.7.3)
      treetop
    builder (3.0.0)
    columnize (0.3.3)
    cucumber (1.0.0)
      builder (>= 2.1.2)
      diff-lcs (>= 1.1.2)
      gherkin (~> 2.4.1)
      json (>= 1.4.6)
      term-ansicolor (>= 1.0.5)
    diff-lcs (1.1.2)
    dwc-archive (0.5.15)
      parsley-store (>= 0.2.0)
    gherkin (2.4.1)
      json (>= 1.4.6)
    git (1.2.5)
    jeweler (1.6.2)
      bundler (~> 1.0)
      git (>= 1.2.5)
      rake
    json (1.5.3)
    linecache19 (0.5.12)
      ruby_core_source (>= 0.1.4)
    mocha (0.9.12)
    parsley-store (0.2.2)
      biodiversity
      redis
    polyglot (0.3.1)
    rake (0.9.2)
    rcov (0.9.9)
    redis (2.2.1)
    rspec (2.6.0)
      rspec-core (~> 2.6.0)
      rspec-expectations (~> 2.6.0)
      rspec-mocks (~> 2.6.0)
    rspec-core (2.6.4)
    rspec-expectations (2.6.0)
      diff-lcs (~> 1.1.2)
    rspec-mocks (2.6.0)
    ruby-debug-base19 (0.11.25)
      columnize (>= 0.3.1)
      linecache19 (>= 0.5.11)
      ruby_core_source (>= 0.1.4)
    ruby-debug19 (0.11.6)
      columnize (>= 0.3.1)
      linecache19 (>= 0.5.11)
      ruby-debug-base19 (>= 0.11.19)
    ruby-prof (0.10.7)
    ruby_core_source (0.1.5)
      archive-tar-minitar (>= 0.5.2)
    shoulda (2.11.3)
    taxamatch_rb (0.7.6)
      biodiversity (~> 0.7.3)
      biodiversity19 (~> 0.7.3)
    term-ansicolor (1.0.5)
    treetop (1.4.9)
      polyglot (>= 0.3.1)

PLATFORMS
  ruby

DEPENDENCIES
  bundler (~> 1.0.0)
  cucumber
  dwc-archive (>= 0.5.13)
  jeweler (~> 1.6.0)
  mocha
  rcov
  rspec (~> 2.6.0)
  ruby-debug19
  ruby-prof
  shoulda
  taxamatch_rb (~> 0.7.6)
